PATH
  remote: ..
  specs:
    great (0.1.0)
      sentimental (~> 1.5)

GEM
  remote: https://rubygems.org/
  specs:
    activesupport (7.0.3.1)
      concurrent-ruby (~> 1.0, >= 1.0.2)
      i18n (>= 1.6, < 2)
      minitest (>= 5.1)
      tzinfo (~> 2.0)
    concurrent-ruby (1.1.10)
    i18n (1.12.0)
      concurrent-ruby (~> 1.0)
    minitest (5.16.2)
    rack (2.2.4)
    rack-app (7.7.0)
      rack
    sentimental (1.5.0)
    tzinfo (2.0.5)
      concurrent-ruby (~> 1.0)
    utf8-cleaner (1.0.0)
      activesupport

PLATFORMS
  ruby

DEPENDENCIES
  great!
  rack-app
  utf8-cleaner

BUNDLED WITH
   2.3.17
