PATH
  remote: ..
  specs:
    great (0.1.0)
      sentimental (~> 1.4.0)

GEM
  remote: https://rubygems.org/
  specs:
    activesupport (5.0.0.1)
      concurrent-ruby (~> 1.0, >= 1.0.2)
      i18n (~> 0.7)
      minitest (~> 5.1)
      tzinfo (~> 1.1)
    concurrent-ruby (1.0.2)
    i18n (0.7.0)
    json (1.8.3)
    minitest (5.9.0)
    rack (2.0.1)
    rack-app (5.2.0)
      rack
    sentimental (1.4.0)
      json (~> 1.8, >= 1.8.3)
    thread_safe (0.3.5)
    tzinfo (1.2.2)
      thread_safe (~> 0.1)
    utf8-cleaner (0.2.5)
      activesupport

PLATFORMS
  ruby

DEPENDENCIES
  great!
  rack-app
  utf8-cleaner

BUNDLED WITH
   1.13.0
